PATH
  remote: .
  specs:
    xctasks (0.5.0)
      nokogiri (~> 1.6, >= 1.6.3.1)
      rake (~> 10.0, >= 10.0.0)

GEM
  remote: https://rubygems.org/
  specs:
    addressable (2.3.5)
    byebug (3.1.2)
      columnize (~> 0.8)
      debugger-linecache (~> 1.2)
    colored (1.2)
    columnize (0.8.9)
    crack (0.4.2)
      safe_yaml (~> 1.0.0)
    debugger-linecache (1.2.0)
    diff-lcs (1.2.5)
    excon (0.26.0)
    mini_portile (0.6.2)
    multi_json (1.9.0)
    nokogiri (1.6.6.2)
      mini_portile (~> 0.6.0)
    rake (10.4.2)
    rspec (2.14.1)
      rspec-core (~> 2.14.0)
      rspec-expectations (~> 2.14.0)
      rspec-mocks (~> 2.14.0)
    rspec-core (2.14.8)
    rspec-expectations (2.14.5)
      diff-lcs (>= 1.1.3, < 2.0)
    rspec-mocks (2.14.6)
    ruby_parser (3.4.1)
      sexp_processor (~> 4.1)
    safe_yaml (1.0.1)
    sexp_processor (4.4.1)
    simplecov (0.7.1)
      multi_json (~> 1.0)
      simplecov-html (~> 0.7.1)
    simplecov-html (0.7.1)
    tomdoc (0.2.5)
      colored
      ruby_parser (>= 2.0.4)
    webmock (1.13.0)
      addressable (>= 2.2.7)
      crack (>= 0.3.2)

PLATFORMS
  ruby

DEPENDENCIES
  bundler (~> 1.7)
  byebug (~> 3.1, >= 3.1.2)
  excon (~> 0.26, >= 0.26.0)
  rspec (~> 2.14, >= 2.14.0)
  simplecov (~> 0.7, >= 0.7.1)
  tomdoc (~> 0.2, >= 0.2.5)
  webmock (~> 1.13, >= 1.13.0)
  xctasks!
